NUGET
  remote: https://www.nuget.org/api/v2
    Argu (3.2)
    Expecto (3.2.1)
      Argu (>= 3.2)
      FSharp.Core (>= 3.1.2.5)
      Mono.Cecil (>= 0.9.6.4)
    FAKE (4.50)
    FSharp.Core (4.0.0.1)
    Mono.Cecil (0.9.6.4)
    NGraphics (0.4)
      SharpDX (>= 2.6.3) - framework: winv4.5.1, wpav8.1
      SharpDX.Direct2D1 (>= 2.6.3) - framework: winv4.5.1, wpav8.1
      SharpDX.Direct3D11 (>= 2.6.3) - framework: winv4.5.1, wpav8.1
      SharpDX.DXGI (>= 2.6.3) - framework: winv4.5.1, wpav8.1
    SharpDX (3.1.1) - framework: winv4.5.1, wpav8.1
    SharpDX.Direct2D1 (3.1.1) - framework: winv4.5.1, wpav8.1
      SharpDX (>= 3.1.1)
      SharpDX.DXGI (>= 3.1.1)
    SharpDX.Direct3D11 (3.1.1) - framework: winv4.5.1, wpav8.1
      SharpDX (>= 3.1.1)
      SharpDX.DXGI (>= 3.1.1)
    SharpDX.DXGI (3.1.1) - framework: winv4.5.1, wpav8.1
      SharpDX (>= 3.1.1)
